GEM
  remote: http://rubygems.org/
  specs:
    rack (3.0.7)
    rulers (0.1.6)
      rack

PLATFORMS
  ruby

DEPENDENCIES
  rulers

BUNDLED WITH
   2.1.4
